GEM
  remote: http://rubygems.org/
  specs:
    fssm (0.2.7)
    json (1.6.8)

PLATFORMS
  ruby

DEPENDENCIES
  fssm
  json
