GEM
  remote: http://rubygems.org/
  specs:
    fssm (0.2.7)
    json (2.3.0)

PLATFORMS
  ruby

DEPENDENCIES
  fssm
  json
